PATH
  remote: .
  specs:
    how_is (18.0.4)
      contracts (~> 0.16.0)
      github_api (~> 0.17.0)
      slop (~> 4.4.1)
      tessellator-fetcher (~> 5.0.0)

GEM
  remote: https://rubygems.org/
  specs:
    addressable (2.4.0)
    ast (2.3.0)
    contracts (0.16.0)
    crack (0.4.3)
      safe_yaml (~> 1.0.0)
    curl_cacert (1.0.0)
    default (1.0.0)
    descendants_tracker (0.0.4)
      thread_safe (~> 0.3, >= 0.3.1)
    diff-lcs (1.3)
    faraday (0.9.2)
      multipart-post (>= 1.2, < 3)
    github_api (0.17.0)
      addressable (~> 2.4.0)
      descendants_tracker (~> 0.0.4)
      faraday (~> 0.8, < 0.10)
      hashie (>= 3.4)
      mime-types (>= 1.16, < 3.0)
      oauth2 (~> 1.0)
    hashdiff (0.3.4)
    hashie (3.5.6)
    heresy (4.0.0)
      default (~> 1.0.0)
      heresy-string (~> 1.0.0)
      net-socket (~> 1.0.0)
    heresy-string (1.0.0)
    jwt (1.5.6)
    mayhaps (0.3.0)
    mime-types (2.99.3)
    multi_json (1.12.1)
    multi_xml (0.6.0)
    multipart-post (2.0.0)
    net-socket (1.0.0)
    oauth2 (1.4.0)
      faraday (>= 0.8, < 0.13)
      jwt (~> 1.0)
      multi_json (~> 1.3)
      multi_xml (~> 0.5)
      rack (>= 1.2, < 3)
    openssl-better_defaults (0.0.1)
    parallel (1.11.2)
    parser (2.4.0.0)
      ast (~> 2.2)
    powerpack (0.1.1)
    rack (2.0.3)
    rainbow (2.2.2)
      rake
    rake (11.3.0)
    rspec (3.6.0)
      rspec-core (~> 3.6.0)
      rspec-expectations (~> 3.6.0)
      rspec-mocks (~> 3.6.0)
    rspec-core (3.6.0)
      rspec-support (~> 3.6.0)
    rspec-expectations (3.6.0)
      diff-lcs (>= 1.2.0, < 2.0)
      rspec-support (~> 3.6.0)
    rspec-mocks (3.6.0)
      diff-lcs (>= 1.2.0, < 2.0)
      rspec-support (~> 3.6.0)
    rspec-support (3.6.0)
    rubocop (0.49.1)
      parallel (~> 1.10)
      parser (>= 2.3.3.1, < 3.0)
      powerpack (~> 0.1)
      rainbow (>= 1.99.1, < 3.0)
      ruby-progressbar (~> 1.7)
      unicode-display_width (~> 1.0, >= 1.0.1)
    ruby-progressbar (1.8.1)
    safe_yaml (1.0.4)
    slop (4.4.3)
    tessellator-fetcher (5.0.1)
      curl_cacert
      heresy (~> 4.0.0)
      mayhaps (~> 0.3.0)
      openssl-better_defaults
    thread_safe (0.3.6)
    timecop (0.8.1)
    unicode-display_width (1.3.0)
    vcr (3.0.3)
    webmock (3.0.1)
      addressable (>= 2.3.6)
      crack (>= 0.3.2)
      hashdiff

PLATFORMS
  ruby

DEPENDENCIES
  bundler (~> 1.11)
  how_is!
  rake (~> 11.2)
  rspec (~> 3.5)
  rubocop (~> 0.49.1)
  timecop (~> 0.8.1)
  vcr (~> 3.0)
  webmock

BUNDLED WITH
   1.15.1
